GEM
  remote: https://rubygems.org/
  specs:
    minitest (5.2.0)
    sass (3.4.5)

PLATFORMS
  ruby

DEPENDENCIES
  minitest (= 5.2.0)
  sass
